GIT
  remote: git://github.com/dezgeg/fpm.git
  revision: c12678536f45b6ea564a07f9a0ff522215d476d1
  branch: fix-ro-dir
  specs:
    fpm (1.10.0)
      arr-pm (~> 0.0.10)
      backports (>= 2.6.2)
      cabin (>= 0.6.0)
      childprocess
      clamp (~> 1.0.0)
      ffi
      json (>= 1.7.7, < 2.0)
      pleaserun (~> 0.0.29)
      ruby-xz (~> 0.2.3)
      stud

GEM
  remote: https://rubygems.org/
  specs:
    arr-pm (0.0.10)
      cabin (> 0)
    backports (3.11.3)
    cabin (0.9.0)
    childprocess (0.9.0)
      ffi (~> 1.0, >= 1.0.11)
    clamp (1.0.1)
    dotenv (2.4.0)
    ffi (1.9.23)
    insist (1.0.0)
    io-like (0.3.0)
    json (1.8.6)
    mustache (0.99.8)
    pleaserun (0.0.30)
      cabin (> 0)
      clamp
      dotenv
      insist
      mustache (= 0.99.8)
      stud
    ruby-xz (0.2.3)
      ffi (~> 1.9)
      io-like (~> 0.3)
    stud (0.0.23)

PLATFORMS
  ruby

DEPENDENCIES
  fpm!

BUNDLED WITH
   1.14.6
